GEM
  remote: https://rubygems.org/
  specs:
    rake (11.2.2)
    redcarpet (3.3.4)

PLATFORMS
  ruby

DEPENDENCIES
  rake
  redcarpet

BUNDLED WITH
   1.11.2
